GEM
  specs:
    json (1.8.0)
    safe_yaml (0.9.4)

PLATFORMS
  ruby

DEPENDENCIES
  json
  safe_yaml
